GEM
  remote: https://rubygems.org/
  specs:
    erb (5.0.2)
    ffi (1.17.2-x86_64-linux-gnu)
    kramdown (2.5.1)
      rexml (>= 3.3.9)
    listen (3.9.0)
      rb-fsevent (~> 0.10, >= 0.10.3)
      rb-inotify (~> 0.9, >= 0.9.10)
    rb-fsevent (0.11.2)
    rb-inotify (0.11.1)
      ffi (~> 1.0)
    rexml (3.3.9)
    webrick (1.9.1)
    yaml (0.4.0)

PLATFORMS
  x86_64-linux-gnu

DEPENDENCIES
  erb
  kramdown
  listen
  webrick
  yaml

BUNDLED WITH
   2.5.22
